PATH
  remote: .
  specs:
    opt_struct (1.0.1)

GEM
  remote: https://rubygems.org/
  specs:
    coderay (1.1.2)
    diff-lcs (1.3)
    method_source (0.9.2)
    pry (0.12.2)
      coderay (~> 1.1.0)
      method_source (~> 0.9.0)
    rake (13.0.0)
    rdoc (6.2.0)
    rspec (3.8.0)
      rspec-core (~> 3.8.0)
      rspec-expectations (~> 3.8.0)
      rspec-mocks (~> 3.8.0)
    rspec-core (3.8.2)
      rspec-support (~> 3.8.0)
    rspec-expectations (3.8.5)
      diff-lcs (>= 1.2.0, < 2.0)
      rspec-support (~> 3.8.0)
    rspec-mocks (3.8.2)
      diff-lcs (>= 1.2.0, < 2.0)
      rspec-support (~> 3.8.0)
    rspec-support (3.8.3)
    sdoc (1.0.0)
      rdoc (>= 5.0)

PLATFORMS
  ruby

DEPENDENCIES
  bundler (>= 1.14)
  opt_struct!
  pry
  rake (>= 10.0)
  rspec (>= 3.0)
  sdoc

BUNDLED WITH
   1.17.3
